GEM
  remote: http://rubygems.org/
  specs:
    adsf (1.1.1)
      rack (>= 1.0.0)
    colored (1.2)
    cri (2.3.0)
      colored (>= 1.2)
    fssm (0.2.9)
    kramdown (0.14.0)
    nanoc (3.4.1)
      cri (~> 2.2)
    rack (1.4.1)
    systemu (2.5.2)

PLATFORMS
  ruby

DEPENDENCIES
  adsf
  fssm
  kramdown
  nanoc
  systemu
